GEM
  remote: https://rubygems.org/
  specs:
    backports (3.8.0)
    colsole (0.5.1)
    docopt (0.6.0)
    json (2.1.0)
    multi_json (1.12.1)
    mustermann (1.0.0)
    rack (2.0.3)
    rack-protection (2.0.0)
      rack
    runfile (0.10.0)
      colsole (~> 0.5)
      docopt (~> 0.5)
    sinatra (2.0.0)
      mustermann (~> 1.0)
      rack (~> 2.0)
      rack-protection (= 2.0.0)
      tilt (~> 2.0)
    sinatra-contrib (2.0.0)
      backports (>= 2.0)
      multi_json
      mustermann (~> 1.0)
      rack-protection (= 2.0.0)
      sinatra (= 2.0.0)
      tilt (>= 1.3, < 3)
    tilt (2.0.8)

PLATFORMS
  ruby

DEPENDENCIES
  json
  runfile
  sinatra
  sinatra-contrib

BUNDLED WITH
   1.15.3
